GIT
  remote: git://github.com/celluloid/reel.git
  revision: dba5c521b8f4ad6509c3634d5aa1c4adc8c9ec4c
  specs:
    reel (0.5.0.pre)
      celluloid (>= 0.15.1)
      celluloid-io (>= 0.15.0)
      http (>= 0.6.0.pre)
      http_parser.rb (>= 0.6.0)
      websocket_parser (>= 0.1.6)

GIT
  remote: git://github.com/tarcieri/http.git
  revision: 57c230e9c1685fa55ac3217141ad9d2b4a38fef6
  specs:
    http (0.6.0)
      http_parser.rb (~> 0.6.0)

GEM
  remote: https://rubygems.org/
  specs:
    celluloid (0.15.2)
      timers (~> 1.1.0)
    celluloid-io (0.15.0)
      celluloid (>= 0.15.0)
      nio4r (>= 0.5.0)
    http_parser.rb (0.6.0)
    http_parser.rb (0.6.0-java)
    nio4r (1.0.0)
    nio4r (1.0.0-java)
    timers (1.1.0)
    websocket_parser (0.1.6)

PLATFORMS
  java
  ruby

DEPENDENCIES
  http!
  reel!
